GIT
  remote: git://github.com/mislav/will_paginate.git
  revision: a2648e77294806e0e46395e0d3076adf9bee00a0
  branch: rails3
  specs:
    will_paginate (3.0.pre4)

GIT
  remote: git://github.com/weeksie/mongo_embeddable_document
  revision: 6d4f97bd58ed43305540c05b55bfb93d93e53124
  specs:
    mongo_mapper_embeddable_document (0.1.0)
      mongo_mapper

GIT
  remote: git://github.com/weeksie/mongo_mapper_sluggable
  revision: afa2bbee69394898bb92d6ac486082c1f2ca8d74
  specs:
    mongo_mapper_sluggable (0.1.0)
      actionpack
      mongo_mapper

GEM
  remote: http://rubygems.org/
  specs:
    abstract (1.0.0)
    actionmailer (3.0.9)
      actionpack (= 3.0.9)
      mail (~> 2.2.19)
    actionpack (3.0.9)
      activemodel (= 3.0.9)
      activesupport (= 3.0.9)
      builder (~> 2.1.2)
      erubis (~> 2.6.6)
      i18n (~> 0.5.0)
      rack (~> 1.2.1)
      rack-mount (~> 0.6.14)
      rack-test (~> 0.5.7)
      tzinfo (~> 0.3.23)
    activemodel (3.0.9)
      activesupport (= 3.0.9)
      builder (~> 2.1.2)
      i18n (~> 0.5.0)
    activerecord (3.0.9)
      activemodel (= 3.0.9)
      activesupport (= 3.0.9)
      arel (~> 2.0.10)
      tzinfo (~> 0.3.23)
    activeresource (3.0.9)
      activemodel (= 3.0.9)
      activesupport (= 3.0.9)
    activesupport (3.0.9)
    arel (2.0.10)
    bcrypt-ruby (2.1.4)
    bson (1.3.1)
    bson_ext (1.3.1)
    builder (2.1.2)
    chunky_png (1.2.0)
    compass (0.11.1)
      chunky_png (~> 1.1)
      fssm (>= 0.2.7)
      sass (~> 3.1)
    devise (1.4.2)
      bcrypt-ruby (~> 2.1.2)
      orm_adapter (~> 0.0.3)
      warden (~> 1.0.3)
    erubis (2.6.6)
      abstract (>= 1.0.0)
    factory_girl (2.0.5)
    factory_girl_rails (1.1.0)
      factory_girl (~> 2.0.0)
      railties (>= 3.0.0)
    forgery (0.3.12)
      nokogiri (~> 1.4)
    fssm (0.2.7)
    haml (3.1.2)
    i18n (0.5.0)
    mail (2.2.19)
      activesupport (>= 2.3.6)
      i18n (>= 0.4.0)
      mime-types (~> 1.16)
      treetop (~> 1.4.8)
    mime-types (1.16)
    mm-devise (1.3)
      devise (>= 1.2)
      mongo_mapper (>= 0.9.0)
    mocha (0.9.12)
    mongo (1.3.1)
      bson (>= 1.3.1)
    mongo_mapper (0.9.1)
      activemodel (~> 3.0)
      activesupport (~> 3.0)
      plucky (~> 0.3.8)
    mongo_sessions (0.3.4)
    nokogiri (1.5.0)
    orm_adapter (0.0.5)
    plucky (0.3.8)
      mongo (~> 1.3)
    polyglot (0.3.2)
    rack (1.2.3)
    rack-mount (0.6.14)
      rack (>= 1.0.0)
    rack-test (0.5.7)
      rack (>= 1.0)
    rails (3.0.9)
      actionmailer (= 3.0.9)
      actionpack (= 3.0.9)
      activerecord (= 3.0.9)
      activeresource (= 3.0.9)
      activesupport (= 3.0.9)
      bundler (~> 1.0)
      railties (= 3.0.9)
    railties (3.0.9)
      actionpack (= 3.0.9)
      activesupport (= 3.0.9)
      rake (>= 0.8.7)
      rdoc (~> 3.4)
      thor (~> 0.14.4)
    rake (0.9.2)
    rdiscount (1.6.8)
    rdoc (3.9.3)
    sass (3.1.1)
    shoulda (2.11.3)
    thor (0.14.6)
    treetop (1.4.10)
      polyglot
      polyglot (>= 0.3.1)
    tzinfo (0.3.29)
    warden (1.0.5)
      rack (>= 1.0)

PLATFORMS
  ruby

DEPENDENCIES
  bson_ext (~> 1.3.1)
  compass
  devise
  factory_girl
  factory_girl_rails
  forgery
  haml
  mm-devise
  mocha
  mongo_mapper (~> 0.9.1)
  mongo_mapper_embeddable_document!
  mongo_mapper_sluggable!
  mongo_sessions
  rails (= 3.0.9)
  rdiscount
  sass
  shoulda
  will_paginate!
